PATH
  remote: .
  specs:
    daru-apiclient (0.0.2)
      daru
      httparty

GEM
  remote: https://rubygems.org/
  specs:
    backports (3.11.4)
    daru (0.2.1)
      backports
      packable (~> 1.3.9)
    diff-lcs (1.3)
    httparty (0.21.0)
      mini_mime (>= 1.0.0)
      multi_xml (>= 0.5.2)
    mini_mime (1.1.2)
    multi_xml (0.6.0)
    packable (1.3.10)
      backports
    rake (13.0.1)
    rspec (3.8.0)
      rspec-core (~> 3.8.0)
      rspec-expectations (~> 3.8.0)
      rspec-mocks (~> 3.8.0)
    rspec-core (3.8.0)
      rspec-support (~> 3.8.0)
    rspec-expectations (3.8.2)
      diff-lcs (>= 1.2.0, < 2.0)
      rspec-support (~> 3.8.0)
    rspec-mocks (3.8.0)
      diff-lcs (>= 1.2.0, < 2.0)
      rspec-support (~> 3.8.0)
    rspec-support (3.8.0)

PLATFORMS
  ruby

DEPENDENCIES
  bundler (~> 2.0)
  daru-apiclient!
  rake (~> 13.0)
  rspec (~> 3.0)

BUNDLED WITH
   2.0.1
